GEM
  remote: https://rubygems.org/
  specs:
    coderay (1.1.0)
    eventmachine (1.0.8)
    method_source (0.8.2)
    osc-ruby (1.1.1)
    pry (0.10.1)
      coderay (~> 1.1.0)
      method_source (~> 0.8.1)
      slop (~> 3.4)
    slop (3.6.0)

PLATFORMS
  ruby

DEPENDENCIES
  eventmachine
  osc-ruby
  pry

BUNDLED WITH
   1.10.0.rc
